GEM
  remote: https://rubygems.org/
  specs:
    amq-protocol (1.9.2)
    bunny (1.1.3)
      amq-protocol (>= 1.9.2)
    rack (1.5.2)
    rake (10.3.1)

PLATFORMS
  ruby

DEPENDENCIES
  bunny
  rack
  rake
